GEM
  remote: https://rubygems.org/
  specs:
    nio4r (2.5.4)
    prometheus-client (2.1.0)
    puma (5.0.4)
      nio4r (~> 2.0)
    rack (2.2.3)

PLATFORMS
  ruby

DEPENDENCIES
  prometheus-client (~> 2.1.0)
  puma (~> 5.0.4)
  rack (~> 2.2.3)

BUNDLED WITH
   2.1.4
